GIT
  remote: git://github.com/assaf/uuid.git
  revision: 053e94be93bc540737f745ed92504df104a3b9f1
  specs:
    uuid (2.3.1)
      macaddr (~> 1.0)

GEM
  remote: http://rubygems.org/
  specs:
    activesupport (3.0.3)
    bson (1.1.5)
    bson_ext (1.1.5)
    columnize (0.3.2)
    git (1.2.5)
    i18n (0.5.0)
    jeweler (1.5.2)
      bundler (~> 1.0.0)
      git (>= 1.2.5)
      rake
    jnunemaker-validatable (1.8.4)
      activesupport (>= 2.3.4)
    linecache (0.43)
    macaddr (1.0.0)
    mongo (1.1.5)
      bson (>= 1.1.5)
    mongo_mapper (0.8.6)
      activesupport (>= 2.3.4)
      jnunemaker-validatable (~> 1.8.4)
      plucky (~> 0.3.6)
    plucky (0.3.6)
      mongo (~> 1.1)
    rack (1.2.1)
    rake (0.8.7)
    rcov (0.9.9)
    rcov (0.9.9-java)
    ruby-debug (0.10.4)
      columnize (>= 0.1)
      ruby-debug-base (~> 0.10.4.0)
    ruby-debug-base (0.10.4)
      linecache (>= 0.3)
    ruby-debug-base (0.10.4-java)
    shoulda (2.11.3)

PLATFORMS
  java
  ruby

DEPENDENCIES
  bson_ext (= 1.1.5)
  bundler (~> 1.0.0)
  i18n
  jeweler (~> 1.5.2)
  mongo_mapper
  rack
  rcov
  ruby-debug
  shoulda
  uuid!
